GEM
  remote: https://rubygems.org/
  remote: https://8dezqz7z7HWea9vtaFwg@gem.fury.io/me/
  specs:
    actionpack (4.0.0.beta1)
      activesupport (= 4.0.0.beta1)
      builder (~> 3.1.0)
      erubis (~> 2.7.0)
      rack (~> 1.5.2)
      rack-test (~> 0.6.2)
    activemodel (4.0.0.beta1)
      activesupport (= 4.0.0.beta1)
      builder (~> 3.1.0)
    activerecord (4.0.0.beta1)
      activemodel (= 4.0.0.beta1)
      activerecord-deprecated_finders (~> 0.0.3)
      activesupport (= 4.0.0.beta1)
      arel (~> 4.0.0.beta1)
    activerecord-deprecated_finders (0.0.3)
    activesupport (4.0.0.beta1)
      i18n (~> 0.6.2)
      minitest (~> 4.2)
      multi_json (~> 1.3)
      thread_safe (~> 0.1)
      tzinfo (~> 0.3.33)
    aggregate (0.2.2)
    arel (4.0.0.beta2)
    atomic (1.1.8)
    backports (2.6.7)
    builder (3.1.4)
    coderay (1.0.9)
    dalli (2.6.2)
    descendants_tracker (0.0.1)
    diff-lcs (1.2.3)
    erubis (2.7.0)
    faraday (0.8.7)
      multipart-post (~> 1.1)
    formatador (0.2.4)
    grape (0.4.1)
      activesupport
      builder
      hashie (>= 1.2.0)
      multi_json (>= 1.3.2)
      multi_xml (>= 0.5.2)
      rack (>= 1.3.0)
      rack-accept
      rack-mount
      virtus
    grape-librato (1.1.0)
      grape
      librato-rack
    grape-rabl (0.2.0)
      grape (~> 0.3)
      i18n
      rabl
      tilt
    guard (1.7.0)
      formatador (>= 0.2.4)
      listen (>= 0.6.0)
      lumberjack (>= 1.0.2)
      pry (>= 0.9.10)
      thor (>= 0.14.6)
    guard-rspec (2.5.3)
      guard (>= 1.1)
      rspec (~> 2.11)
    hashie (2.0.3)
    her (0.6.1)
      activemodel (>= 3.0.0)
      activesupport (>= 3.0.0)
      faraday (~> 0.8)
      multi_json (~> 1.7)
    honeybadger (1.6.2)
      json
    i18n (0.6.4)
    json (1.7.7)
    kaminari (0.14.1)
      actionpack (>= 3.0.0)
      activesupport (>= 3.0.0)
    kgio (2.8.0)
    librato-metrics (1.0.4)
      aggregate (~> 0.2.2)
      faraday (~> 0.7)
      multi_json
    librato-rack (0.2.1)
      librato-metrics (~> 1.0.2)
    listen (0.7.3)
    lumberjack (1.0.3)
    method_source (0.8.1)
    minitest (4.7.3)
    multi_json (1.7.2)
    multi_xml (0.5.3)
    multipart-post (1.2.0)
    newrelic-grape (1.2.1)
      grape
      newrelic_rpm
    newrelic_rpm (3.6.0.83)
    oj (2.0.10)
    pg (0.15.1)
    portugal (0.0.3)
      activerecord (>= 3.0.0)
      rake
    powder (0.2.0)
      thor (>= 0.11.5)
    pry (0.9.12)
      coderay (~> 1.0.5)
      method_source (~> 0.8)
      slop (~> 3.4)
    rabl (0.8.3)
      activesupport (>= 2.3.14)
    rack (1.5.2)
    rack-accept (0.4.5)
      rack (>= 0.4)
    rack-mount (0.8.3)
      rack (>= 1.0.0)
    rack-ssl (1.3.3)
      rack
    rack-status (1.0.0)
    rack-test (0.6.2)
      rack (>= 1.0)
    raindrops (0.10.0)
    rake (10.0.4)
    rb-fsevent (0.9.3)
    rescue_me (0.1.3)
    responders (0.6.5)
    rspec (2.13.0)
      rspec-core (~> 2.13.0)
      rspec-expectations (~> 2.13.0)
      rspec-mocks (~> 2.13.0)
    rspec-core (2.13.1)
    rspec-expectations (2.13.0)
      diff-lcs (>= 1.1.3, < 2.0)
    rspec-mocks (2.13.1)
    ruby_gntp (0.3.4)
    slop (3.4.4)
    sublime_video_private_api (1.3.1)
      activesupport (>= 3.2)
      her (~> 0.6.1)
      kaminari
      multi_json
      rescue_me
      responders
    thor (0.18.1)
    thread_safe (0.1.0)
      atomic
    tilt (1.3.7)
    tzinfo (0.3.37)
    unicorn (4.6.2)
      kgio (~> 2.6)
      rack
      raindrops (~> 0.7)
    virtus (0.5.4)
      backports (~> 2.6.1)
      descendants_tracker (~> 0.0.1)

PLATFORMS
  ruby

DEPENDENCIES
  activesupport (= 4.0.0.beta1)
  dalli
  grape
  grape-librato
  grape-rabl
  guard-rspec
  honeybadger
  kaminari
  lumberjack
  newrelic-grape
  newrelic_rpm
  oj
  pg
  portugal
  powder
  rack-ssl
  rack-status
  rack-test
  rb-fsevent
  rspec
  ruby_gntp
  sublime_video_private_api (~> 1.3)
  unicorn
